PATH
  remote: ../misfits
  specs:
    misfits (0.0.1)
      gosu (~> 0.7)

GEM
  remote: https://rubygems.org/
  specs:
    gosu (0.7.45)

PLATFORMS
  ruby

DEPENDENCIES
  misfits!
